GEM
  remote: https://rubygems.org/
  specs:
    awesome_print (1.9.2)
    coderay (1.1.3)
    concurrent-ruby (1.1.9)
    faker (2.19.0)
      i18n (>= 1.6, < 2)
    i18n (1.8.11)
      concurrent-ruby (~> 1.0)
    method_source (1.0.0)
    pry (0.13.1)
      coderay (~> 1.1)
      method_source (~> 1.0)

PLATFORMS
  x86_64-darwin-19

DEPENDENCIES
  awesome_print
  faker
  pry (~> 0.13.1)

RUBY VERSION
   ruby 2.5.3p105

BUNDLED WITH
   2.2.14
